GEM
  remote: https://rubygems.org/
  specs:
    git (1.2.6)

PLATFORMS
  ruby

DEPENDENCIES
  git
